PATH
  remote: .
  specs:
    activemerchant_sage_pay_3d_secure (0.1.0)
      activemerchant (~> 1.59)

GEM
  remote: https://rubygems.org/
  specs:
    activemerchant (1.59.0)
      activesupport (>= 3.2.14, < 5.1)
      builder (>= 2.1.2, < 4.0.0)
      i18n (>= 0.6.9)
      nokogiri (~> 1.4)
    activesupport (4.2.6)
      i18n (~> 0.7)
      json (~> 1.7, >= 1.7.7)
      minitest (~> 5.1)
      thread_safe (~> 0.3, >= 0.3.4)
      tzinfo (~> 1.1)
    builder (3.2.2)
    coderay (1.1.1)
    i18n (0.7.0)
    json (1.8.3)
    metaclass (0.0.4)
    method_source (0.8.2)
    mini_portile2 (2.1.0)
    minitest (5.9.0)
    mocha (1.1.0)
      metaclass (~> 0.0.1)
    nokogiri (1.6.8)
      mini_portile2 (~> 2.1.0)
      pkg-config (~> 1.1.7)
    pkg-config (1.1.7)
    power_assert (0.3.0)
    pry (0.10.3)
      coderay (~> 1.1.0)
      method_source (~> 0.8.1)
      slop (~> 3.4)
    rake (0.9.6)
    slop (3.6.0)
    test-unit (3.1.9)
      power_assert
    thread_safe (0.3.5)
    tzinfo (1.2.2)
      thread_safe (~> 0.1)

PLATFORMS
  ruby

DEPENDENCIES
  activemerchant_sage_pay_3d_secure!
  mocha (~> 1)
  pry
  rake (~> 0)
  test-unit (~> 3)

BUNDLED WITH
   1.12.5
